GEM
  remote: https://rubygems.org/
  specs:
    bitcoin-ruby (0.0.20)
      eventmachine
      ffi
      scrypt
    byebug (11.1.3)
    coderay (1.1.3)
    eventmachine (1.2.7)
    ffi (1.15.4)
    ffi-compiler (1.0.1)
      ffi (>= 1.0.0)
      rake
    httplog (1.5.0)
      rack (>= 1.0)
      rainbow (>= 2.0.0)
    method_source (1.0.0)
    pry (0.14.1)
      coderay (~> 1.1)
      method_source (~> 1.0)
    pry-byebug (3.8.0)
      byebug (~> 11.0)
      pry (~> 0.10)
    rack (2.2.3)
    rainbow (3.0.0)
    rake (13.0.6)
    scrypt (3.0.7)
      ffi-compiler (>= 1.0, < 2.0)

PLATFORMS
  ruby

DEPENDENCIES
  bitcoin-ruby
  httplog
  pry
  pry-byebug

BUNDLED WITH
   2.1.4
